PATH
  remote: /home/krakatoa/workspace/al-nattahnam/cucub/protocol
  specs:
    cucub-protocol (0.0.1)
      inifile
      msgpack

PATH
  remote: /home/krakatoa/workspace/al-nattahnam/ma-zmq
  specs:
    ma-zmq (0.0.2)
      eventmachine (= 1.0.0.beta.4)
      ffi-rzmq (= 0.9.3)

GEM
  remote: http://rubygems.org/
  specs:
    diff-lcs (1.1.3)
    eventmachine (1.0.0.beta.4)
    ffi (1.1.5)
    ffi-rzmq (0.9.3)
      ffi
    git (1.2.5)
    inifile (2.0.2)
    jeweler (1.8.4)
      bundler (~> 1.0)
      git (>= 1.2.5)
      rake
      rdoc
    json (1.7.5)
    msgpack (0.4.7)
    multi_json (1.3.6)
    rake (0.9.2.2)
    rdoc (3.12)
      json (~> 1.4)
    rspec (2.11.0)
      rspec-core (~> 2.11.0)
      rspec-expectations (~> 2.11.0)
      rspec-mocks (~> 2.11.0)
    rspec-core (2.11.1)
    rspec-expectations (2.11.3)
      diff-lcs (~> 1.1.3)
    rspec-mocks (2.11.3)
    simplecov (0.7.1)
      multi_json (~> 1.0)
      simplecov-html (~> 0.7.1)
    simplecov-html (0.7.1)

PLATFORMS
  ruby

DEPENDENCIES
  bundler (~> 1.2.1)
  cucub-protocol!
  jeweler (~> 1.8.4)
  ma-zmq!
  rspec
  simplecov
